PATH
  remote: .
  specs:
    maxiskirt (1.2.3)
      activesupport (>= 2.2)

GEM
  remote: http://rubygems.org/
  specs:
    activesupport (3.2.12)
      i18n (~> 0.6)
      multi_json (~> 1.0)
    i18n (0.6.4)
    multi_json (1.7.0)
    rake (10.0.3)

PLATFORMS
  ruby

DEPENDENCIES
  bundler (>= 1.0.0)
  maxiskirt!
  rake
